GEM
  remote: http://rubygems.org/
  specs:
    autotest (4.4.4)
    autotest-fsevent (0.2.3)
      sys-uname
    bluecloth (2.0.9)
    diff-lcs (1.1.2)
    git (1.2.5)
    jeweler (1.5.1)
      bundler (~> 1.0.0)
      git (>= 1.2.5)
      rake
    notifier (0.1.0)
    rake (0.8.7)
    rake-compiler (0.7.5)
      rake
    rspec (2.2.0)
      rspec-core (~> 2.2)
      rspec-expectations (~> 2.2)
      rspec-mocks (~> 2.2)
    rspec-core (2.2.1)
    rspec-expectations (2.2.0)
      diff-lcs (~> 1.1.2)
    rspec-mocks (2.2.0)
    sys-uname (0.8.4)
    test_notifier (0.3.5)
      notifier
    yard (0.6.3)

PLATFORMS
  ruby

DEPENDENCIES
  autotest
  autotest-fsevent
  bluecloth
  bundler (~> 1)
  jeweler (~> 1.5)
  rake-compiler
  rspec (~> 2)
  test_notifier
  yard (~> 0.6.3)
